GEM
  remote: http://rubygems.org/
  specs:
    configatron (2.13.0)
      yamler (>= 0.1.0)
    gdata_19 (1.1.5)
    yamler (0.1.0)

PLATFORMS
  ruby

DEPENDENCIES
  configatron (>= 2.9.1)
  gdata_19 (~> 1.1.5)